GEM
  remote: http://rubygems.org/
  specs:
    addressable (2.8.1)
      public_suffix (>= 2.0.2, < 6.0)
    gem-dandy (0.2.1)
      trollop (= 1.16.2)
    git (1.13.0)
      addressable (~> 2.8)
      rchardet (~> 1.8)
    jeweler (1.6.4)
      bundler (~> 1.0)
      git (>= 1.2.5)
      rake
    public_suffix (5.0.1)
    rake (0.9.2)
    rchardet (1.8.0)
    rspec (1.3.2)
    trollop (1.16.2)

PLATFORMS
  ruby

DEPENDENCIES
  gem-dandy
  jeweler
  rspec (= 1.3.2)
