GEM
  remote: http://rubygems.org/
  specs:
    gem-dandy (0.2.1)
      trollop (= 1.16.2)
    git (1.2.5)
    jeweler (1.6.4)
      bundler (~> 1.0)
      git (>= 1.2.5)
      rake
    rake (0.9.2)
    rspec (1.3.2)
    trollop (1.16.2)

PLATFORMS
  ruby

DEPENDENCIES
  gem-dandy
  jeweler
  rspec (= 1.3.2)
